GEM
  remote: https://rubygems.org/
  specs:
    optparse (0.3.1)

PLATFORMS
  x86_64-linux

DEPENDENCIES
  optparse

BUNDLED WITH
   2.3.7
