GEM
  remote: https://rubygems.org/
  specs:
    bindata (2.4.10)
    elftools (1.1.3)
      bindata (~> 2)
    one_gadget (1.7.4)
      elftools (>= 1.0.2, < 1.2.0)

PLATFORMS
  x86_64-linux

DEPENDENCIES
  one_gadget

BUNDLED WITH
   2.2.22
